GIT
  remote: git://github.com/rails/arel.git
  revision: 3c429c5d86e9e2201c2a35d934ca6a8911c18e69
  specs:
    arel (7.0.0.alpha)

GIT
  remote: git://github.com/rails/sprockets-rails.git
  revision: 93a45b1c463a063ec7cf4d160107b67aa3db7a1a
  specs:
    sprockets-rails (3.0.0.beta3)
      actionpack (>= 4.0)
      activesupport (>= 4.0)
      sprockets (>= 3.0.0)

GIT
  remote: git://github.com/rails/web-console.git
  revision: ca5fa48aa410d40788b1eaeb11941adf3b4e4a08
  specs:
    web-console (3.0.0)
      activemodel (>= 4.0)
      debug_inspector
      railties (>= 4.0)
      sprockets-rails (>= 2.0, < 4.0)

PATH
  remote: ../rails
  specs:
    actionmailer (5.0.0.alpha)
      actionpack (= 5.0.0.alpha)
      actionview (= 5.0.0.alpha)
      activejob (= 5.0.0.alpha)
      mail (~> 2.5, >= 2.5.4)
      rails-dom-testing (~> 1.0, >= 1.0.5)
    actionpack (5.0.0.alpha)
      actionview (= 5.0.0.alpha)
      activesupport (= 5.0.0.alpha)
      rack (~> 1.6)
      rack-test (~> 0.6.3)
      rails-dom-testing (~> 1.0, >= 1.0.5)
      rails-html-sanitizer (~> 1.0, >= 1.0.2)
    actionview (5.0.0.alpha)
      activesupport (= 5.0.0.alpha)
      builder (~> 3.1)
      erubis (~> 2.7.0)
      rails-dom-testing (~> 1.0, >= 1.0.5)
      rails-html-sanitizer (~> 1.0, >= 1.0.2)
    activejob (5.0.0.alpha)
      activesupport (= 5.0.0.alpha)
      globalid (>= 0.3.0)
    activemodel (5.0.0.alpha)
      activesupport (= 5.0.0.alpha)
      builder (~> 3.1)
    activerecord (5.0.0.alpha)
      activemodel (= 5.0.0.alpha)
      activesupport (= 5.0.0.alpha)
      arel (= 7.0.0.alpha)
    activesupport (5.0.0.alpha)
      concurrent-ruby (~> 0.9.0)
      i18n (~> 0.7)
      json (~> 1.7, >= 1.7.7)
      minitest (~> 5.1)
      thread_safe (~> 0.3, >= 0.3.4)
      tzinfo (~> 1.1)
    rails (5.0.0.alpha)
      actionmailer (= 5.0.0.alpha)
      actionpack (= 5.0.0.alpha)
      actionview (= 5.0.0.alpha)
      activejob (= 5.0.0.alpha)
      activemodel (= 5.0.0.alpha)
      activerecord (= 5.0.0.alpha)
      activesupport (= 5.0.0.alpha)
      bundler (>= 1.3.0, < 2.0)
      railties (= 5.0.0.alpha)
      sprockets-rails
    railties (5.0.0.alpha)
      actionpack (= 5.0.0.alpha)
      activesupport (= 5.0.0.alpha)
      method_source
      rake (>= 0.8.7)
      thor (>= 0.18.1, < 2.0)

GEM
  remote: https://rubygems.org/
  specs:
    active_model_serializers (0.10.0.rc3)
      actionpack (>= 4.0)
      activemodel (>= 4.0)
      railties (>= 4.0)
    builder (3.2.2)
    byebug (6.0.2)
    concurrent-ruby (0.9.1)
    debug_inspector (0.0.2)
    erubis (2.7.0)
    faker (1.5.0)
      i18n (~> 0.5)
    globalid (0.3.6)
      activesupport (>= 4.1.0)
    i18n (0.7.0)
    json (1.8.3)
    loofah (2.0.3)
      nokogiri (>= 1.5.9)
    mail (2.6.3)
      mime-types (>= 1.16, < 3)
    method_source (0.8.2)
    mime-types (2.6.2)
    mini_portile (0.6.2)
    minitest (5.8.1)
    nokogiri (1.6.6.2)
      mini_portile (~> 0.6.0)
    pg (0.18.3)
    rack (1.6.4)
    rack-test (0.6.3)
      rack (>= 1.0)
    rails-deprecated_sanitizer (1.0.3)
      activesupport (>= 4.2.0.alpha)
    rails-dom-testing (1.0.7)
      activesupport (>= 4.2.0.beta, < 5.0)
      nokogiri (~> 1.6.0)
      rails-deprecated_sanitizer (>= 1.0.1)
    rails-html-sanitizer (1.0.2)
      loofah (~> 2.0)
    rake (10.4.2)
    spring (1.4.0)
    sprockets (3.4.0)
      rack (> 1, < 3)
    thor (0.19.1)
    thread_safe (0.3.5)
    tzinfo (1.2.2)
      thread_safe (~> 0.1)

PLATFORMS
  ruby

DEPENDENCIES
  active_model_serializers (~> 0.10.0.rc2)
  arel!
  byebug
  faker
  pg
  rails!
  spring
  sprockets-rails!
  web-console!

BUNDLED WITH
   1.10.6
